GEM
  remote: http://rubygems.org/
  specs:
    ZenTest (4.9.2)
    ae (1.8.2)
      ansi
    ansi (1.4.3)
    blankslate (2.1.2.4)
    brass (1.2.1)
    coderay (1.0.9)
    diff-lcs (1.2.4)
    facets (2.9.3)
    ffi (1.9.0)
    flexmock (1.3.2)
    formatador (0.2.4)
    growl (1.0.3)
    guard (1.8.2)
      formatador (>= 0.2.4)
      listen (>= 1.0.0)
      lumberjack (>= 1.0.2)
      pry (>= 0.9.10)
      thor (>= 0.14.6)
    guard-rspec (3.0.2)
      guard (>= 1.8)
      rspec (~> 2.13)
    guard-simple_shell (0.0.1)
      guard
      rainbow
    json (1.8.0)
    listen (1.2.2)
      rb-fsevent (>= 0.9.3)
      rb-inotify (>= 0.9)
      rb-kqueue (>= 0.2)
    lumberjack (1.0.4)
    method_source (0.8.2)
    parslet (1.5.0)
      blankslate (~> 2.0)
    pry (0.9.12.2)
      coderay (~> 1.0.5)
      method_source (~> 0.8)
      slop (~> 3.4)
    qed (2.9.1)
      ansi
      brass
      facets (>= 2.8)
    rainbow (1.1.4)
    rake (10.1.0)
    rb-fsevent (0.9.3)
    rb-inotify (0.9.0)
      ffi (>= 0.5.0)
    rb-kqueue (0.2.0)
      ffi (>= 0.5.0)
    rdoc (3.12.2)
      json (~> 1.4)
    rspec (2.14.1)
      rspec-core (~> 2.14.0)
      rspec-expectations (~> 2.14.0)
      rspec-mocks (~> 2.14.0)
    rspec-core (2.14.4)
    rspec-expectations (2.14.0)
      diff-lcs (>= 1.1.3, < 2.0)
    rspec-mocks (2.14.2)
    sdoc (0.3.20)
      json (>= 1.1.3)
      rdoc (~> 3.10)
    slop (3.4.6)
    thor (0.18.1)

PLATFORMS
  ruby

DEPENDENCIES
  ZenTest
  ae
  flexmock
  growl
  guard
  guard-rspec
  guard-simple_shell
  parslet
  qed
  rake
  rb-fsevent
  rdoc
  rspec
  sdoc
