GEM
  remote: https://rubygems.org/
  specs:
    rubyzip (1.2.1)
    xml-simple (1.1.2)

PLATFORMS
  java
  ruby
  x86-mingw32

DEPENDENCIES
  rubyzip (~> 1.2.1)
  xml-simple

BUNDLED WITH
   1.16.0
